REDIRECTS: ON
RESTRICTION: || (== net46) (== netcoreapp3.1)
NUGET
  remote: https://api.nuget.org/v3/index.json
    GitInfo (2.0.39)
HTTP
  remote: http://www.gitlab.local:12345
    paket.cake (/api/v1/raw/Shared/References/raw/develop/References/Cake/paket.cake)
    Version.cs (/api/v1/raw/Shared/References/raw/develop/References/Git/Version.cs)
    Version.vb (/api/v1/raw/Shared/References/raw/develop/References/Git/Version.vb)
GROUP net46
REDIRECTS: ON
RESTRICTION: == net46
NUGET
  remote: https://api.nuget.org/v3/index.json
    xunit (2.4.1)
      xunit.analyzers (>= 0.10)
      xunit.assert (2.4.1)
      xunit.core (2.4.1)
    xunit.abstractions (2.0.3)
    xunit.analyzers (0.10)
    xunit.assert (2.4.1)
    xunit.core (2.4.1)
      xunit.extensibility.core (2.4.1)
      xunit.extensibility.execution (2.4.1)
    xunit.extensibility.core (2.4.1)
      xunit.abstractions (>= 2.0.3)
    xunit.extensibility.execution (2.4.1)
      xunit.extensibility.core (2.4.1)
    xunit.runner.visualstudio (2.4.3)
HTTP
  remote: http://www.gitlab.local:12345
    ICSharpCode.SharpZipLib.dll (/api/v1/artifact/81052/Shared/References/32+64bit/net40/SequelZip/ICSharpCode.SharpZipLib.dll)
    Oracle.ManagedDataAccess.dll (/api/v1/artifact/81052/Shared/References/32+64bit/net40/Odp/11g/v1221100/Oracle.ManagedDataAccess.dll)
    SequelZip.dll (/api/v1/artifact/81052/Shared/References/32+64bit/net40/SequelZip/SequelZip.dll)
GROUP netcoreapp3.1
REDIRECTS: ON
RESTRICTION: == netcoreapp3.1
NUGET
  remote: https://api.nuget.org/v3/index.json
    Microsoft.AspNetCore.JsonPatch (3.1.8)
      Microsoft.CSharp (>= 4.7)
      Newtonsoft.Json (>= 12.0.2)
    Microsoft.AspNetCore.Mvc.NewtonsoftJson (3.1.8)
      Microsoft.AspNetCore.JsonPatch (>= 3.1.8)
      Newtonsoft.Json (>= 12.0.2)
      Newtonsoft.Json.Bson (>= 1.0.2)
    Microsoft.CSharp (4.7)
    Microsoft.NETCore.Platforms (3.1.3)
    Microsoft.Win32.Registry (4.7)
      System.Security.AccessControl (>= 4.7)
      System.Security.Principal.Windows (>= 4.7)
    Microsoft.Win32.SystemEvents (4.7)
      Microsoft.NETCore.Platforms (>= 3.1)
    Newtonsoft.Json (12.0.3)
    Newtonsoft.Json.Bson (1.0.2)
      Newtonsoft.Json (>= 12.0.1)
    Oracle.ManagedDataAccess.Core (2.19.90)
    System.Configuration.ConfigurationManager (4.7)
      System.Security.Cryptography.ProtectedData (>= 4.7)
      System.Security.Permissions (>= 4.7)
    System.Diagnostics.EventLog (4.7)
      Microsoft.NETCore.Platforms (>= 3.1)
      Microsoft.Win32.Registry (>= 4.7)
      System.Security.Principal.Windows (>= 4.7)
    System.Drawing.Common (4.7)
      Microsoft.NETCore.Platforms (>= 3.1)
      Microsoft.Win32.SystemEvents (>= 4.7)
    System.Runtime.Caching (4.7)
      System.Configuration.ConfigurationManager (>= 4.7)
    System.Security.AccessControl (4.7)
      Microsoft.NETCore.Platforms (>= 3.1)
      System.Security.Principal.Windows (>= 4.7)
    System.Security.Cryptography.ProtectedData (4.7)
    System.Security.Permissions (4.7)
      System.Security.AccessControl (>= 4.7)
      System.Windows.Extensions (>= 4.7)
    System.Security.Principal.Windows (4.7)
    System.Windows.Extensions (4.7)
      System.Drawing.Common (>= 4.7)
