REDIRECTS: ON
RESTRICTION: || (== net46) (== netcoreapp3.1)
NUGET
  remote: https://api.nuget.org/v3/index.json
    GitInfo (2.0.39)

GROUP net46
REDIRECTS: ON
RESTRICTION: == net46
HTTP
  remote: https://github.com
    Oracle.DataAccess.dll (/wahmedswl/Paket-3911/raw/main/lib-http/Oracle.DataAccess.dll)
GROUP netcoreapp3.1
REDIRECTS: ON
RESTRICTION: == netcoreapp3.1
NUGET
  remote: https://api.nuget.org/v3/index.json
    Oracle.ManagedDataAccess.Core (2.19.90)
